GEM
  remote: https://rubygems.org/
  specs:

PLATFORMS
  aarch64-linux-gnu
  ruby

DEPENDENCIES

BUNDLED WITH
   2.6.5
